GEM
  remote: https://rubygems.org/
  specs:
    activemodel (7.0.4)
      activesupport (= 7.0.4)
    activerecord (7.0.4)
      activemodel (= 7.0.4)
      activesupport (= 7.0.4)
    activesupport (7.0.4)
      concurrent-ruby (~> 1.0, >= 1.0.2)
      i18n (>= 1.6, < 2)
      minitest (>= 5.1)
      tzinfo (~> 2.0)
    concurrent-ruby (1.1.10)
    i18n (1.12.0)
      concurrent-ruby (~> 1.0)
    mini_portile2 (2.8.1)
    minitest (5.17.0)
    multi_json (1.15.0)
    mustermann (3.0.0)
      ruby2_keywords (~> 0.0.1)
    nio4r (2.5.8)
    puma (6.0.2)
      nio4r (~> 2.0)
    rack (2.2.5)
    rack-protection (3.0.5)
      rack
    ruby2_keywords (0.0.5)
    sinatra (3.0.5)
      mustermann (~> 3.0)
      rack (~> 2.2, >= 2.2.4)
      rack-protection (= 3.0.5)
      tilt (~> 2.0)
    sinatra-contrib (3.0.5)
      multi_json
      mustermann (~> 3.0)
      rack-protection (= 3.0.5)
      sinatra (= 3.0.5)
      tilt (~> 2.0)
    sinatra-cross_origin (0.4.0)
    sqlite3 (1.5.4)
      mini_portile2 (~> 2.8.0)
    tilt (2.0.11)
    tzinfo (2.0.5)
      concurrent-ruby (~> 1.0)

PLATFORMS
  arm64-darwin-21

DEPENDENCIES
  activerecord (~> 7.0)
  puma
  sinatra (~> 3.0)
  sinatra-contrib (~> 3.0)
  sinatra-cross_origin (~> 0.4.0)
  sqlite3

RUBY VERSION
   ruby 3.2.0p0

BUNDLED WITH
   2.4.1
